GIT
  remote: https://github.com/nlsrchtr/ransack.git
  revision: 38002a4369286b6a3e7990fbbe395a6547f45bdf
  branch: fix-compatibility-with-rails-7-1-0-alpha-removed-table-name-alias
  specs:
    ransack (4.0.0)
      activerecord (>= 6.1.5)
      activesupport (>= 6.1.5)
      i18n

GIT
  remote: https://github.com/rails/rails.git
  revision: 3fff52254965ad817cfd650a4a959d533431d84e
  branch: main
  specs:
    actioncable (7.1.0.alpha)
      actionpack (= 7.1.0.alpha)
      activesupport (= 7.1.0.alpha)
      nio4r (~> 2.0)
      websocket-driver (>= 0.6.1)
      zeitwerk (~> 2.6)
    actionmailbox (7.1.0.alpha)
      actionpack (= 7.1.0.alpha)
      activejob (= 7.1.0.alpha)
      activerecord (= 7.1.0.alpha)
      activestorage (= 7.1.0.alpha)
      activesupport (= 7.1.0.alpha)
      mail (>= 2.7.1)
      net-imap
      net-pop
      net-smtp
    actionmailer (7.1.0.alpha)
      actionpack (= 7.1.0.alpha)
      actionview (= 7.1.0.alpha)
      activejob (= 7.1.0.alpha)
      activesupport (= 7.1.0.alpha)
      mail (~> 2.5, >= 2.5.4)
      net-imap
      net-pop
      net-smtp
      rails-dom-testing (~> 2.0)
    actionpack (7.1.0.alpha)
      actionview (= 7.1.0.alpha)
      activesupport (= 7.1.0.alpha)
      nokogiri (>= 1.8.5)
      rack (>= 2.2.4)
      rack-session (>= 1.0.1)
      rack-test (>= 0.6.3)
      rails-dom-testing (~> 2.0)
      rails-html-sanitizer (~> 1.0, >= 1.2.0)
    actiontext (7.1.0.alpha)
      actionpack (= 7.1.0.alpha)
      activerecord (= 7.1.0.alpha)
      activestorage (= 7.1.0.alpha)
      activesupport (= 7.1.0.alpha)
      globalid (>= 0.6.0)
      nokogiri (>= 1.8.5)
    actionview (7.1.0.alpha)
      activesupport (= 7.1.0.alpha)
      builder (~> 3.1)
      erubi (~> 1.11)
      rails-dom-testing (~> 2.0)
      rails-html-sanitizer (~> 1.1, >= 1.2.0)
    activejob (7.1.0.alpha)
      activesupport (= 7.1.0.alpha)
      globalid (>= 0.3.6)
    activemodel (7.1.0.alpha)
      activesupport (= 7.1.0.alpha)
    activerecord (7.1.0.alpha)
      activemodel (= 7.1.0.alpha)
      activesupport (= 7.1.0.alpha)
    activestorage (7.1.0.alpha)
      actionpack (= 7.1.0.alpha)
      activejob (= 7.1.0.alpha)
      activerecord (= 7.1.0.alpha)
      activesupport (= 7.1.0.alpha)
      marcel (~> 1.0)
    activesupport (7.1.0.alpha)
      concurrent-ruby (~> 1.0, >= 1.0.2)
      connection_pool (>= 2.2.5)
      i18n (>= 1.6, < 2)
      minitest (>= 5.1)
      tzinfo (~> 2.0)
    rails (7.1.0.alpha)
      actioncable (= 7.1.0.alpha)
      actionmailbox (= 7.1.0.alpha)
      actionmailer (= 7.1.0.alpha)
      actionpack (= 7.1.0.alpha)
      actiontext (= 7.1.0.alpha)
      actionview (= 7.1.0.alpha)
      activejob (= 7.1.0.alpha)
      activemodel (= 7.1.0.alpha)
      activerecord (= 7.1.0.alpha)
      activestorage (= 7.1.0.alpha)
      activesupport (= 7.1.0.alpha)
      bundler (>= 1.15.0)
      railties (= 7.1.0.alpha)
    railties (7.1.0.alpha)
      actionpack (= 7.1.0.alpha)
      activesupport (= 7.1.0.alpha)
      irb
      rackup (>= 1.0.0)
      rake (>= 12.2)
      thor (~> 1.0, >= 1.2.2)
      zeitwerk (~> 2.6)

GEM
  remote: https://rubygems.org/
  specs:
    bootsnap (1.16.0)
      msgpack (~> 1.2)
    builder (3.2.4)
    concurrent-ruby (1.2.2)
    connection_pool (2.4.1)
    crass (1.0.6)
    date (3.3.3)
    debug (1.8.0)
      irb (>= 1.5.0)
      reline (>= 0.3.1)
    diff-lcs (1.5.0)
    erubi (1.12.0)
    factory_bot (6.2.1)
      activesupport (>= 5.0.0)
    factory_bot_rails (6.2.0)
      factory_bot (~> 6.2.0)
      railties (>= 5.0.0)
    faker (3.2.0)
      i18n (>= 1.8.11, < 2)
    globalid (1.1.0)
      activesupport (>= 5.0)
    i18n (1.13.0)
      concurrent-ruby (~> 1.0)
    io-console (0.6.0)
    irb (1.6.4)
      reline (>= 0.3.0)
    kind (5.10.0)
    loofah (2.21.3)
      crass (~> 1.0.2)
      nokogiri (>= 1.12.0)
    mail (2.8.1)
      mini_mime (>= 0.1.1)
      net-imap
      net-pop
      net-smtp
    marcel (1.0.2)
    mini_mime (1.1.2)
    minitest (5.18.0)
    msgpack (1.7.1)
    net-imap (0.3.4)
      date
      net-protocol
    net-pop (0.1.2)
      net-protocol
    net-protocol (0.2.1)
      timeout
    net-smtp (0.3.3)
      net-protocol
    nio4r (2.5.9)
    nokogiri (1.15.1-x86_64-linux)
      racc (~> 1.4)
    pagy (6.0.4)
    puma (5.6.5)
      nio4r (~> 2.0)
    racc (1.6.2)
    rack (2.2.7)
    rack-session (1.0.1)
      rack (< 3)
    rack-test (2.1.0)
      rack (>= 1.3)
    rackup (1.0.0)
      rack (< 3)
      webrick
    rails-dom-testing (2.0.3)
      activesupport (>= 4.2.0)
      nokogiri (>= 1.6)
    rails-html-sanitizer (1.5.0)
      loofah (~> 2.19, >= 2.19.1)
    rake (13.0.6)
    reline (0.3.4)
      io-console (~> 0.5)
    rspec-core (3.12.2)
      rspec-support (~> 3.12.0)
    rspec-expectations (3.12.3)
      diff-lcs (>= 1.2.0, < 2.0)
      rspec-support (~> 3.12.0)
    rspec-mocks (3.12.5)
      diff-lcs (>= 1.2.0, < 2.0)
      rspec-support (~> 3.12.0)
    rspec-rails (6.0.2)
      actionpack (>= 6.1)
      activesupport (>= 6.1)
      railties (>= 6.1)
      rspec-core (~> 3.12)
      rspec-expectations (~> 3.12)
      rspec-mocks (~> 3.12)
      rspec-support (~> 3.12)
    rspec-support (3.12.0)
    shoulda-matchers (5.3.0)
      activesupport (>= 5.2.0)
    sqlite3 (1.6.3-x86_64-linux)
    thor (1.2.2)
    timeout (0.3.2)
    tzinfo (2.0.6)
      concurrent-ruby (~> 1.0)
    u-attributes (2.8.0)
      kind (>= 4.0, < 6.0)
    u-case (4.5.2)
      kind (>= 5.6, < 6.0)
      u-attributes (>= 2.7, < 3.0)
    u-struct (1.1.0)
    webrick (1.8.1)
    websocket-driver (0.7.5)
      websocket-extensions (>= 0.1.0)
    websocket-extensions (0.1.5)
    zeitwerk (2.6.8)

PLATFORMS
  x86_64-linux

DEPENDENCIES
  bootsnap
  debug
  factory_bot_rails
  faker
  pagy (~> 6.0)
  puma (~> 5.0)
  rails!
  ransack!
  rspec-rails (~> 6.0.0)
  shoulda-matchers (~> 5.0)
  sqlite3 (~> 1.4)
  tzinfo-data
  u-case
  u-struct

RUBY VERSION
   ruby 3.2.0p0

BUNDLED WITH
   2.4.12
